GIT
  remote: https://github.com/rubymotion/BubbleWrap
  revision: 49fafb1822f9cfc7aba4c08e17e302df3be236ba
  specs:
    bubble-wrap (1.4.0)

PATH
  remote: ../ProMotion/
  specs:
    ProMotion (1.0.4)

PATH
  remote: vendor/motion-sqlite3
  specs:
    motion-sqlite3 (0.2.0)

GEM
  remote: https://rubygems.org/
  specs:
    activesupport (3.2.14)
      i18n (~> 0.6, >= 0.6.4)
      multi_json (~> 1.0)
    awesome_print_motion (0.1.0)
    claide (0.3.2)
    cocoapods (0.26.2)
      activesupport (~> 3.2)
      claide (~> 0.3.2)
      cocoapods-core (= 0.26.2)
      cocoapods-downloader (~> 0.2.0)
      colored (~> 1.2)
      escape (~> 0.0.4)
      json (~> 1.8)
      open4 (~> 1.3)
      xcodeproj (~> 0.13.0)
    cocoapods-core (0.26.2)
      activesupport (~> 3.0)
      json (~> 1.8)
      nap (~> 0.5)
    cocoapods-downloader (0.2.0)
    colored (1.2)
    escape (0.0.4)
    i18n (0.6.5)
    json (1.8.0)
    motion-cocoapods (1.4.0)
      cocoapods (>= 0.26.2)
    motion-testflight (1.5)
    multi_json (1.8.1)
    nap (0.5.1)
    open4 (1.3.0)
    rake (10.1.0)
    xcodeproj (0.13.1)
      activesupport (~> 3.0)
      colored (~> 1.2)

PLATFORMS
  ruby

DEPENDENCIES
  ProMotion!
  awesome_print_motion
  bubble-wrap!
  cocoapods
  motion-cocoapods
  motion-sqlite3!
  motion-testflight
  rake (>= 0.9.4)
